GEM
  remote: https://rubygems.org/
  specs:
    activesupport (5.1.1)
      concurrent-ruby (~> 1.0, >= 1.0.2)
      i18n (~> 0.7)
      minitest (~> 5.1)
      tzinfo (~> 1.1)
    bson (4.2.1)
    builder (3.2.3)
    byebug (9.0.6)
    certified (1.0.0)
    concurrent-ruby (1.0.5)
    eventmachine (1.2.3)
    faraday (0.12.1)
      multipart-post (>= 1.2, < 3)
    faye-websocket (0.10.7)
      eventmachine (>= 0.12.0)
      websocket-driver (>= 0.5.1)
    i18n (0.8.4)
    json (2.1.0)
    minitest (5.10.2)
    moneta (1.0.0)
    mongo (2.4.2)
      bson (>= 4.2.1, < 5.0.0)
    multipart-post (2.0.0)
    mustermann (1.0.0)
    puma (3.9.1)
    rack (2.0.3)
    rack-contrib (1.2.0)
      rack (>= 0.9.1)
    rack-protection (2.0.0)
      rack
    ruby-bandwidth (1.0.15)
      activesupport
      builder
      certified
      faraday
      json
    sinatra (2.0.0)
      mustermann (~> 1.0)
      rack (~> 2.0)
      rack-protection (= 2.0.0)
      tilt (~> 2.0)
    thread_safe (0.3.6)
    tilt (2.0.7)
    tzinfo (1.2.3)
      thread_safe (~> 0.1)
    websocket-driver (0.6.5)
      websocket-extensions (>= 0.1.0)
    websocket-extensions (0.1.2)

PLATFORMS
  ruby

DEPENDENCIES
  byebug
  faye-websocket
  i18n
  moneta
  mongo
  puma
  rack
  rack-contrib
  ruby-bandwidth
  sinatra

RUBY VERSION
   ruby 2.4.1p111

BUNDLED WITH
   1.15.1
